GEM
  remote: http://rubygems.org/
  specs:
    addressable (2.2.6)
    ansi (1.4.2)
    crack (0.3.1)
    httparty (0.8.1)
      multi_json
      multi_xml
    minitest (2.11.1)
    multi_json (1.0.4)
    multi_xml (0.4.1)
    rake (0.9.2.2)
    turn (0.9.1)
      ansi
      minitest
    vcr (1.11.3)
    webmock (1.7.10)
      addressable (~> 2.2, > 2.2.5)
      crack (>= 0.1.7)

PLATFORMS
  ruby

DEPENDENCIES
  httparty
  rake
  turn
  vcr
  webmock
